GEM
  remote: http://rubygems.org/
  specs:
    amazon-ecs (2.0.0)
      nokogiri (>= 1.4.0)
      ruby-hmac (>= 0.3.2)
    fastercsv (1.5.4)
    json (1.5.3)
    nokogiri (1.5.0)
    ruby-hmac (0.4.0)

PLATFORMS
  ruby

DEPENDENCIES
  amazon-ecs
  fastercsv
  json
